##TITLE= Parameter file, TOPSPIN		Version 3.2
##JCAMPDX= 5.0
##DATATYPE= Parameter Values
##NPOINTS= 1494	$$ modification sequence number
##ORIGIN= Bruker BioSpin GmbH
##OWNER= nmrsu
$$ 2022-05-13 11:59:59.695 +0200  autosampler@vitoria
$$ /opt/topspin3.2/conf/instr/spect/specpar
$$ process /opt/topspin3.2/prog/mod/cprserver
##$ANCIEN= (0..7)
0 0 0 0 0 0 0 0
##$BF1= 100.13
##$BF2= 100.13
##$BF3= 100.13
##$DEC= 1
##$DECB= 1
##$DEF19F= yes
##$DEFRSEL= yes
##$HPMOD= (0..7)
0 0 0 0 0 0 0 0
##$HPPRECH= (0..15)
-1 -1 -1 -1 -1 -1 -1 -1 -1 -1 -1 -1 -1 -1 -1 -1
##$LOCSW19F= -1
##$LOCSW2H= -1
##$NUC1= 1
##$NUC2= 0
##$NUC3= 0
##$NUC4= 0
##$NUC5= 0
##$NUC6= 0
##$NUC7= 0
##$NUC8= 0
##$NUCARR= (0..123)
300.26 300.26 46.091738 320.269248 228.736378 44.18652 116.692437 42.191974
32.258908 96.33534 75.500437 21.690437 30.425082 40.704618 282.526677 23.703413
79.424475 18.380821 78.238325 59.653216 121.547476 23.047958 29.419202
24.48838 14.011252 7.690574 20.207585 72.9384 16.92726 16.931772 29.93685
78.977232 16.972184 74.432106 9.721752 71.242912 26.831387 79.615359 85.284929
18.786677 72.066466 91.569403 10.474015 51.412361 57.264125 15.666732 75.22708
81.089771 11.552804 28.989932 98.246435 13.012734 14.713335 27.913064 73.492148
19.567722 19.978385 67.5835 13.827426 15.497527 9.567626 13.740198 12.153981
13.972698 63.7016 66.637227 65.654116 65.79486 98.241316 106.989421 111.968852
71.853951 38.911345 78.577267 94.731336 60.074477 83.502864 24.753197 39.382528
29.829201 33.367678 39.617205 42.41365 91.939612 16.36417 10.088736 12.520842
10.328944 74.644636 32.968548 9.217982 12.100478 72.182504 10.328944 14.472532
64.075484 8.647488 24.891554 52.543416 14.475535 34.24165 24.414141 12.031418
7.557544 35.999973 12.509994 67.632364 68.313954 6.852927 23.31639 5.158467
5.617865 64.546244 5.191495 53.779034 19.851939 171.51812 173.201492 62.816191
48.249644 5.528988 100 100 100
##$OBS= 1
##$OFFSF= (0..7)
-28252.1999999972 0 0 0 0 0 0 0
##$OFFSH= (0..7)
1854.20000002523 0 0 0 0 0 0 0
##$OFFSX= (0..7)
7537.70000000031 0 0 0 0 0 0 0
##$OFFSXAS= (0..7)
0 0 0 0 0 0 0 0
##$OFSF1= 0
##$OFSF2= 0
##$OFSH1= 0
##$OFSH2= 0
##$OFSH3= 0
##$OFSX1= 0
##$OFSX2= 0
##$OFSY= 0
##$PACOIL= (0..15)
0 0 0 0 0 0 0 0 0 0 0 0 0 0 0 0
##$PRECHAN= (0..15)
-1 2 0 1 -1 -1 -1 -1 -1 -1 -1 -1 -1 -1 -1 -1
##$RECPRE= (0..15)
-1 0 -1 -1 -1 -1 -1 -1 -1 -1 -1 -1 -1 -1 -1 -1
##$RECSEL= (0..15)
0 0 1 0 0 0 0 0 0 0 0 0 0 0 0 0
##$SELREC= (0..9)
0 0 0 0 0 0 0 0 0 0
##$SFO1= 300.261854
##$SFO2= 300.26
##$SFO3= 300.261854
##$SFO4= 300.261854
##$SFO5= 300.261854
##$SFO6= 300.261854
##$SFO7= 300.261854
##$SFO8= 300.261854
##$TY= (0..123)
0 0 0 0 0 0 0 0 0 0 0 0 0 0 0 0 0 0 0 0 0 0 0 0 0 0 0 0 0 0 0 0 0 0 0 0
0 0 0 0 0 0 0 0 0 0 0 0 0 0 0 0 0 0 0 0 0 0 0 0 0 0 0 0 0 0 0 0 0 0 0 0
0 0 0 0 0 0 0 0 0 0 0 0 0 0 0 0 0 0 0 0 0 0 0 0 0 0 0 0 0 0 0 0 0 0 0 0
0 0 0 0 0 0 0 0 0 0 0 0 0 0 0 0
##END=
